GEM
  remote: https://rubygems.org/
  specs:
    activesupport (4.0.8)
      i18n (~> 0.6, >= 0.6.9)
      minitest (~> 4.2)
      multi_json (~> 1.3)
      thread_safe (~> 0.1)
      tzinfo (~> 0.3.37)
    builder (3.2.2)
    coderay (1.1.0)
    i18n (0.6.11)
    method_source (0.8.2)
    minitest (4.7.5)
    multi_json (1.10.1)
    pry (0.10.0)
      coderay (~> 1.1.0)
      method_source (~> 0.8.1)
      slop (~> 3.4)
    rake (10.1.0)
    slop (3.5.0)
    thor (0.19.1)
    thread_safe (0.3.4)
    tzinfo (0.3.40)

PLATFORMS
  ruby

DEPENDENCIES
  activesupport (~> 4.0.8)
  builder (~> 3.2.2)
  minitest (~> 4.7.5)
  pry (~> 0.10.0)
  rake (~> 10.1.0)
  thor (~> 0.19.1)
